GEM
  remote: http://rubygems.org/
  specs:
    addressable (2.2.7)
    daemons (1.1.9)
    data_objects (0.10.8)
      addressable (~> 2.1)
    dm-core (1.2.0)
      addressable (~> 2.2.6)
    dm-do-adapter (1.2.0)
      data_objects (~> 0.10.6)
      dm-core (~> 1.2.0)
    dm-migrations (1.2.0)
      dm-core (~> 1.2.0)
    dm-postgres-adapter (1.2.0)
      dm-do-adapter (~> 1.2.0)
      do_postgres (~> 0.10.6)
    dm-timestamps (1.2.0)
      dm-core (~> 1.2.0)
    do_postgres (0.10.8)
      data_objects (= 0.10.8)
    eventmachine (1.0.0)
    faraday (0.8.6)
      multipart-post (~> 1.1)
    faraday_middleware (0.9.0)
      faraday (>= 0.7.4, < 0.9)
    hashie (2.0.2)
    instapaper (0.3.0)
      faraday_middleware (~> 0.7)
      multi_json (~> 1)
      rash (~> 0.3)
      simple_oauth (~> 0.1)
    multi_json (1.6.1)
    multipart-post (1.2.0)
    rack (1.4.1)
    rack-protection (1.2.0)
      rack
    rash (0.4.0)
      hashie (~> 2.0.0)
    simple_oauth (0.2.0)
    sinatra (1.3.2)
      rack (~> 1.3, >= 1.3.6)
      rack-protection (~> 1.2)
      tilt (~> 1.3, >= 1.3.3)
    thin (1.5.0)
      daemons (>= 1.0.9)
      eventmachine (>= 0.12.6)
      rack (>= 1.0.0)
    tilt (1.3.3)

PLATFORMS
  ruby

DEPENDENCIES
  dm-core
  dm-migrations
  dm-postgres-adapter
  dm-timestamps
  instapaper
  sinatra
  thin
